STORAGE: PACKAGES
RESTRICTION: || (== net48) (== net6.0) (== netstandard2.0)
NUGET
  remote: https://api.nuget.org/v3/index.json
    FSharp.Core (4.7.2)
    Microsoft.Bcl.AsyncInterfaces (6.0) - restriction: || (&& (== net48) (< net45)) (&& (== net48) (>= net6.0)) (== net6.0) (== netstandard2.0)
      System.Threading.Tasks.Extensions (>= 4.5.4) - restriction: || (== net48) (&& (== net6.0) (>= net461)) (&& (== net6.0) (< netstandard2.1)) (== netstandard2.0)
    Microsoft.Extensions.ObjectPool (6.0.1) - restriction: || (&& (== net48) (< net45)) (&& (== net48) (>= net6.0)) (== net6.0) (== netstandard2.0)
    Microsoft.NETFramework.ReferenceAssemblies (1.0.2)
      Microsoft.NETFramework.ReferenceAssemblies.net48 (>= 1.0.2) - restriction: || (== net48) (&& (== net6.0) (>= net48)) (&& (== netstandard2.0) (>= net48))
    Microsoft.NETFramework.ReferenceAssemblies.net48 (1.0.2) - restriction: || (== net48) (&& (== net6.0) (>= net48)) (&& (== netstandard2.0) (>= net48))
    System.Buffers (4.5.1) - restriction: || (&& (== net48) (== net6.0)) (&& (== net48) (< net45)) (&& (== net48) (>= net6.0)) (&& (== net6.0) (< netstandard2.1)) (== netstandard2.0)
    System.Formats.Asn1 (6.0) - restriction: || (&& (== net48) (< net45)) (&& (== net48) (>= net6.0)) (&& (== net48) (>= netstandard2.1)) (== net6.0) (== netstandard2.0)
      System.Buffers (>= 4.5.1) - restriction: || (== net48) (&& (== net6.0) (>= net461)) (== netstandard2.0)
      System.Memory (>= 4.5.4) - restriction: || (== net48) (&& (== net6.0) (>= net461)) (== netstandard2.0)
    System.Memory (4.5.4) - restriction: || (&& (== net48) (== net6.0)) (&& (== net48) (< net45)) (&& (== net48) (>= net6.0)) (== netstandard2.0)
      System.Buffers (>= 4.5.1) - restriction: || (== net48) (&& (== net6.0) (>= monotouch)) (&& (== net6.0) (>= net461)) (&& (== net6.0) (< netcoreapp2.0)) (&& (== net6.0) (< netstandard1.1)) (&& (== net6.0) (< netstandard2.0)) (&& (== net6.0) (>= xamarinios)) (&& (== net6.0) (>= xamarinmac)) (&& (== net6.0) (>= xamarintvos)) (&& (== net6.0) (>= xamarinwatchos)) (== netstandard2.0)
      System.Numerics.Vectors (>= 4.4) - restriction: || (&& (== net48) (< net45)) (&& (== net6.0) (< netcoreapp2.0)) (== netstandard2.0)
      System.Runtime.CompilerServices.Unsafe (>= 4.5.3) - restriction: || (== net48) (&& (== net6.0) (>= monotouch)) (&& (== net6.0) (>= net461)) (&& (== net6.0) (< netcoreapp2.0)) (&& (== net6.0) (< netcoreapp2.1)) (&& (== net6.0) (< netstandard1.1)) (&& (== net6.0) (< netstandard2.0)) (&& (== net6.0) (>= uap10.1)) (&& (== net6.0) (>= xamarinios)) (&& (== net6.0) (>= xamarinmac)) (&& (== net6.0) (>= xamarintvos)) (&& (== net6.0) (>= xamarinwatchos)) (== netstandard2.0)
    System.Numerics.Vectors (4.5) - restriction: || (&& (== net48) (< net45)) (&& (== net48) (>= net6.0)) (== net6.0) (== netstandard2.0)
    System.Private.ServiceModel (4.9) - restriction: || (&& (== net48) (< net45)) (&& (== net48) (>= net6.0)) (== net6.0) (== netstandard2.0)
      Microsoft.Bcl.AsyncInterfaces (>= 5.0)
      Microsoft.Extensions.ObjectPool (>= 5.0.10)
      System.Numerics.Vectors (>= 4.5)
      System.Reflection.DispatchProxy (>= 4.7.1)
      System.Security.Cryptography.Xml (>= 5.0)
      System.Security.Principal.Windows (>= 5.0)
    System.Reflection.DispatchProxy (4.7.1) - restriction: || (&& (== net48) (< net45)) (&& (== net48) (>= net6.0)) (== net6.0) (== netstandard2.0)
    System.Runtime.CompilerServices.Unsafe (6.0) - restriction: || (&& (== net48) (== net6.0)) (&& (== net48) (< net45)) (&& (== net48) (>= net6.0)) (&& (== net48) (< netstandard1.0)) (&& (== net48) (< netstandard2.0) (>= wpa81)) (&& (== net48) (>= wp8)) (&& (== net6.0) (>= net461)) (&& (== net6.0) (< netcoreapp2.1) (< netstandard2.1)) (&& (== net6.0) (< netstandard1.0)) (&& (== net6.0) (< netstandard2.0)) (&& (== net6.0) (>= wp8)) (== netstandard2.0)
    System.Security.AccessControl (6.0) - restriction: || (&& (== net48) (< net45)) (&& (== net48) (>= net6.0)) (== net6.0) (== netstandard2.0)
      System.Security.Principal.Windows (>= 5.0) - restriction: || (== net48) (&& (== net6.0) (>= net461)) (== netstandard2.0)
    System.Security.Cryptography.Cng (5.0) - restriction: || (&& (== net48) (== net6.0)) (&& (== net48) (< net45)) (&& (== net48) (>= net6.0)) (&& (== net48) (>= netcoreapp3.1)) (&& (== net48) (>= netstandard2.1)) (&& (== net6.0) (< netcoreapp3.1)) (&& (== net6.0) (< netstandard2.1)) (== netstandard2.0)
    System.Security.Cryptography.Pkcs (6.0) - restriction: || (&& (== net48) (< net45)) (&& (== net48) (>= net6.0)) (== net6.0) (== netstandard2.0)
      System.Buffers (>= 4.5.1) - restriction: || (&& (== net48) (< net461)) (&& (== net6.0) (< netstandard2.1)) (== netstandard2.0)
      System.Formats.Asn1 (>= 6.0) - restriction: || (&& (== net48) (< net461)) (&& (== net48) (>= netstandard2.1)) (== net6.0) (== netstandard2.0)
      System.Memory (>= 4.5.4) - restriction: || (&& (== net48) (< net461)) (&& (== net6.0) (< netstandard2.1)) (== netstandard2.0)
      System.Security.Cryptography.Cng (>= 5.0) - restriction: || (&& (== net48) (< net461)) (&& (== net48) (>= netcoreapp3.1)) (&& (== net48) (>= netstandard2.1)) (&& (== net6.0) (< netcoreapp3.1)) (&& (== net6.0) (< netstandard2.1)) (== netstandard2.0)
    System.Security.Cryptography.Xml (6.0) - restriction: || (&& (== net48) (< net45)) (&& (== net48) (>= net6.0)) (== net6.0) (== netstandard2.0)
      System.Memory (>= 4.5.4) - restriction: || (&& (== net48) (< net461)) (== netstandard2.0)
      System.Security.AccessControl (>= 6.0)
      System.Security.Cryptography.Pkcs (>= 6.0) - restriction: || (&& (== net48) (< net461)) (&& (== net48) (>= net6.0)) (== net6.0) (== netstandard2.0)
    System.Security.Principal.Windows (5.0) - restriction: || (&& (== net48) (< net45)) (&& (== net48) (>= net6.0)) (== net6.0) (== netstandard2.0)
    System.ServiceModel.Duplex (4.9)
      System.Private.ServiceModel (>= 4.9) - restriction: || (&& (== net48) (< net45)) (&& (== net48) (>= net6.0)) (== net6.0) (== netstandard2.0)
      System.ServiceModel.Primitives (>= 4.9)
    System.ServiceModel.Http (4.9)
      System.Private.ServiceModel (>= 4.9) - restriction: || (&& (== net48) (< net45)) (&& (== net48) (>= net6.0)) (== net6.0) (== netstandard2.0)
      System.ServiceModel.Primitives (>= 4.9)
    System.ServiceModel.Primitives (4.9)
      System.Private.ServiceModel (>= 4.9) - restriction: || (&& (== net48) (< net45)) (&& (== net48) (>= net6.0)) (&& (== net48) (>= netcoreapp2.1)) (== net6.0) (== netstandard2.0)
    System.Threading.Tasks.Extensions (4.5.4) - restriction: || (&& (== net48) (== net6.0)) (&& (== net48) (< net45)) (&& (== net48) (>= net6.0)) (&& (== net6.0) (>= net461)) (&& (== net6.0) (< netstandard2.1)) (== netstandard2.0)
      System.Runtime.CompilerServices.Unsafe (>= 4.5.3) - restriction: || (== net48) (&& (== net6.0) (>= net461)) (&& (== net6.0) (< netcoreapp2.1)) (&& (== net6.0) (< netstandard1.0)) (&& (== net6.0) (< netstandard2.0)) (&& (== net6.0) (>= wp8)) (== netstandard2.0)
GITHUB
  remote: fsprojects/FSharp.TypeProviders.SDK
    src/ProvidedTypes.fs (605be1f21a9f173e20b826b862eea0705212ecfe)
    src/ProvidedTypes.fsi (605be1f21a9f173e20b826b862eea0705212ecfe)
GROUP Test
RESTRICTION: || (== net48) (== net6.0)
NUGET
  remote: https://api.nuget.org/v3/index.json
    FSharp.Core (6.0.1)
    Microsoft.CodeCoverage (17.0)
    Microsoft.NET.Test.Sdk (17.0)
      Microsoft.CodeCoverage (>= 17.0)
      Microsoft.TestPlatform.TestHost (>= 17.0) - restriction: || (&& (== net48) (>= netcoreapp1.0)) (== net6.0)
    Microsoft.NETCore.Platforms (6.0.1) - restriction: || (&& (== net48) (< net35)) (&& (== net48) (>= netcoreapp2.0)) (&& (== net48) (< netstandard1.0) (>= win8)) (&& (== net48) (< netstandard1.3) (>= wpa81)) (&& (== net48) (< netstandard1.5) (>= uap10.0)) (&& (== net48) (>= uap10.1)) (&& (== net48) (>= wp8)) (== net6.0)
    Microsoft.TestPlatform.ObjectModel (17.0) - restriction: || (&& (== net48) (>= netcoreapp1.0)) (== net6.0)
      NuGet.Frameworks (>= 5.0)
      System.Reflection.Metadata (>= 1.6)
    Microsoft.TestPlatform.TestHost (17.0) - restriction: || (&& (== net48) (>= netcoreapp1.0)) (== net6.0)
      Microsoft.TestPlatform.ObjectModel (>= 17.0) - restriction: || (&& (== net48) (>= netcoreapp1.0)) (&& (== net48) (>= uap10.0)) (== net6.0)
      Newtonsoft.Json (>= 9.0.1) - restriction: || (&& (== net48) (>= netcoreapp1.0)) (&& (== net48) (>= uap10.0)) (== net6.0)
    NETStandard.Library (2.0.3) - restriction: || (&& (== net48) (< net35)) (== net6.0)
      Microsoft.NETCore.Platforms (>= 1.1)
    Newtonsoft.Json (13.0.1) - restriction: || (&& (== net48) (>= netcoreapp1.0)) (== net6.0)
    NuGet.Frameworks (6.0) - restriction: || (&& (== net48) (>= netcoreapp1.0)) (&& (== net48) (>= netcoreapp2.1)) (== net6.0)
    NUnit (3.13.2)
      NETStandard.Library (>= 2.0) - restriction: || (&& (== net48) (< net35)) (== net6.0)
    NUnit.Console (3.13.2)
      NUnit.ConsoleRunner (>= 3.13.2)
      NUnit.Extension.NUnitProjectLoader (>= 3.6)
      NUnit.Extension.NUnitV2Driver (>= 3.8)
      NUnit.Extension.NUnitV2ResultWriter (>= 3.6)
      NUnit.Extension.TeamCityEventListener (>= 1.0.7)
      NUnit.Extension.VSProjectLoader (>= 3.8)
    NUnit.ConsoleRunner (3.13.2)
    NUnit.Extension.NUnitProjectLoader (3.7.1)
    NUnit.Extension.NUnitV2Driver (3.9)
    NUnit.Extension.NUnitV2ResultWriter (3.7)
    NUnit.Extension.TeamCityEventListener (1.0.7)
    NUnit.Extension.VSProjectLoader (3.9)
    NUnit3TestAdapter (4.2.0) - version_in_path: true
    System.Collections.Immutable (6.0) - restriction: || (&& (== net48) (>= netcoreapp1.0)) (&& (== net48) (>= netcoreapp2.1)) (== net6.0)
      System.Runtime.CompilerServices.Unsafe (>= 6.0)
    System.Reflection.Metadata (6.0) - restriction: || (&& (== net48) (>= netcoreapp1.0)) (&& (== net48) (>= netcoreapp2.1)) (== net6.0)
      System.Collections.Immutable (>= 6.0)
    System.Runtime.CompilerServices.Unsafe (6.0) - restriction: || (&& (== net48) (>= netcoreapp1.0)) (&& (== net48) (>= netcoreapp2.1)) (== net6.0)
