STORAGE: PACKAGES
RESTRICTION: || (== net48) (== netcoreapp3.1) (== netstandard2.0)
NUGET
  remote: https://api.nuget.org/v3/index.json
    FSharp.Core (4.7.2)
    Microsoft.NETCore.Platforms (3.1.3) - restriction: || (&& (== net48) (>= netcoreapp2.0)) (== netcoreapp3.1) (&& (== netstandard2.0) (>= netcoreapp2.0))
    Microsoft.Win32.SystemEvents (4.7) - restriction: || (&& (== net48) (>= netcoreapp3.0)) (== netcoreapp3.1) (&& (== netstandard2.0) (>= netcoreapp3.0))
      Microsoft.NETCore.Platforms (>= 3.1) - restriction: || (&& (== net48) (>= netcoreapp2.0)) (== netcoreapp3.1) (&& (== netstandard2.0) (>= netcoreapp2.0))
    System.Buffers (4.5.1) - restriction: || (&& (== net48) (== netcoreapp3.1)) (&& (== net48) (>= monoandroid) (< netstandard2.0)) (&& (== net48) (>= monotouch)) (&& (== net48) (< net45)) (&& (== net48) (>= netcoreapp2.0)) (&& (== net48) (< netstandard1.1)) (&& (== net48) (< netstandard2.0) (>= wpa81)) (&& (== net48) (>= uap10.1)) (&& (== net48) (>= xamarinios)) (&& (== net48) (>= xamarinmac)) (&& (== net48) (>= xamarintvos)) (&& (== net48) (>= xamarinwatchos)) (&& (== netcoreapp3.1) (>= monotouch)) (&& (== netcoreapp3.1) (>= net461)) (&& (== netcoreapp3.1) (< netcoreapp2.0) (< netstandard2.1)) (&& (== netcoreapp3.1) (< netstandard1.1)) (&& (== netcoreapp3.1) (< netstandard2.0)) (&& (== netcoreapp3.1) (>= uap10.1)) (&& (== netcoreapp3.1) (>= xamarinios)) (&& (== netcoreapp3.1) (>= xamarinmac)) (&& (== netcoreapp3.1) (>= xamarintvos)) (&& (== netcoreapp3.1) (>= xamarinwatchos)) (== netstandard2.0)
    System.Drawing.Common (4.7) - restriction: || (&& (== net48) (>= netcoreapp3.0)) (== netcoreapp3.1) (&& (== netstandard2.0) (>= netcoreapp3.0))
      Microsoft.NETCore.Platforms (>= 3.1) - restriction: || (&& (== net48) (>= netcoreapp2.0)) (== netcoreapp3.1) (&& (== netstandard2.0) (>= netcoreapp2.0))
      Microsoft.Win32.SystemEvents (>= 4.7) - restriction: || (&& (== net48) (>= netcoreapp2.0)) (== netcoreapp3.1) (&& (== netstandard2.0) (>= netcoreapp2.0))
    System.Memory (4.5.4) - restriction: || (&& (== net48) (== netcoreapp3.1)) (&& (== net48) (< net45)) (&& (== net48) (>= netcoreapp2.0)) (&& (== net48) (>= uap10.1)) (&& (== netcoreapp3.1) (< netcoreapp2.0) (< netstandard2.1)) (&& (== netcoreapp3.1) (< netcoreapp2.1) (< netstandard2.1)) (&& (== netcoreapp3.1) (>= uap10.1)) (== netstandard2.0)
      System.Buffers (>= 4.5.1) - restriction: || (== net48) (&& (== netcoreapp3.1) (>= monotouch)) (&& (== netcoreapp3.1) (>= net461)) (&& (== netcoreapp3.1) (< netcoreapp2.0)) (&& (== netcoreapp3.1) (< netstandard1.1)) (&& (== netcoreapp3.1) (< netstandard2.0)) (&& (== netcoreapp3.1) (>= xamarinios)) (&& (== netcoreapp3.1) (>= xamarinmac)) (&& (== netcoreapp3.1) (>= xamarintvos)) (&& (== netcoreapp3.1) (>= xamarinwatchos)) (== netstandard2.0)
      System.Numerics.Vectors (>= 4.4) - restriction: || (&& (== net48) (< net45)) (&& (== netcoreapp3.1) (< netcoreapp2.0)) (== netstandard2.0)
      System.Runtime.CompilerServices.Unsafe (>= 4.5.3) - restriction: || (== net48) (&& (== netcoreapp3.1) (>= monotouch)) (&& (== netcoreapp3.1) (>= net461)) (&& (== netcoreapp3.1) (< netcoreapp2.0)) (&& (== netcoreapp3.1) (< netcoreapp2.1)) (&& (== netcoreapp3.1) (< netstandard1.1)) (&& (== netcoreapp3.1) (< netstandard2.0)) (&& (== netcoreapp3.1) (>= uap10.1)) (&& (== netcoreapp3.1) (>= xamarinios)) (&& (== netcoreapp3.1) (>= xamarinmac)) (&& (== netcoreapp3.1) (>= xamarintvos)) (&& (== netcoreapp3.1) (>= xamarinwatchos)) (== netstandard2.0)
    System.Numerics.Vectors (4.5) - restriction: || (&& (== net48) (== netcoreapp3.1)) (&& (== net48) (< net45)) (&& (== net48) (>= netcoreapp2.0)) (&& (== net48) (>= uap10.1)) (&& (== netcoreapp3.1) (< netcoreapp2.0) (< netstandard2.1)) (&& (== netcoreapp3.1) (>= uap10.1)) (== netstandard2.0)
    System.Private.ServiceModel (4.7) - restriction: || (&& (== net48) (< net45)) (== netcoreapp3.1) (== netstandard2.0)
      System.Reflection.DispatchProxy (>= 4.5)
      System.Security.Cryptography.Xml (>= 4.5)
      System.Security.Principal.Windows (>= 4.5)
    System.Reflection.DispatchProxy (4.7.1) - restriction: || (&& (== net48) (< net45)) (== netcoreapp3.1) (== netstandard2.0)
    System.Runtime.CompilerServices.Unsafe (4.7.1) - restriction: || (&& (== net48) (== netcoreapp3.1)) (&& (== net48) (>= monoandroid) (< netstandard2.0)) (&& (== net48) (>= monotouch)) (&& (== net48) (< net45)) (&& (== net48) (>= netcoreapp2.0)) (&& (== net48) (< netstandard1.1)) (&& (== net48) (< netstandard2.0) (>= wpa81)) (&& (== net48) (>= uap10.1)) (&& (== net48) (>= xamarinios)) (&& (== net48) (>= xamarinmac)) (&& (== net48) (>= xamarintvos)) (&& (== net48) (>= xamarinwatchos)) (&& (== netcoreapp3.1) (>= monotouch)) (&& (== netcoreapp3.1) (>= net461)) (&& (== netcoreapp3.1) (< netcoreapp2.0) (< netstandard2.1)) (&& (== netcoreapp3.1) (< netcoreapp2.1) (< netstandard2.1)) (&& (== netcoreapp3.1) (< netstandard1.1)) (&& (== netcoreapp3.1) (< netstandard2.0)) (&& (== netcoreapp3.1) (>= uap10.1)) (&& (== netcoreapp3.1) (>= xamarinios)) (&& (== netcoreapp3.1) (>= xamarinmac)) (&& (== netcoreapp3.1) (>= xamarintvos)) (&& (== netcoreapp3.1) (>= xamarinwatchos)) (== netstandard2.0)
    System.Security.AccessControl (4.7) - restriction: || (&& (== net48) (< net45)) (== netcoreapp3.1) (== netstandard2.0)
      Microsoft.NETCore.Platforms (>= 3.1) - restriction: || (&& (== net48) (>= netcoreapp2.0)) (== netcoreapp3.1) (&& (== netstandard2.0) (>= netcoreapp2.0))
      System.Security.Principal.Windows (>= 4.7)
    System.Security.Cryptography.Cng (4.7) - restriction: || (&& (== net48) (< net45)) (&& (== net48) (>= netcoreapp2.0)) (&& (== net48) (>= netcoreapp2.1)) (&& (== net48) (>= netcoreapp3.0)) (&& (== net48) (>= netstandard2.1)) (== netcoreapp3.1) (== netstandard2.0)
    System.Security.Cryptography.Pkcs (4.7) - restriction: || (&& (== net48) (< net45)) (== netcoreapp3.1) (== netstandard2.0)
      System.Buffers (>= 4.5) - restriction: || (&& (== net48) (< net46)) (&& (== netcoreapp3.1) (< netcoreapp2.0) (< netstandard2.1)) (== netstandard2.0)
      System.Memory (>= 4.5.3) - restriction: || (&& (== net48) (< net46)) (&& (== net48) (>= netcoreapp2.0)) (&& (== net48) (>= uap10.1)) (&& (== netcoreapp3.1) (< netcoreapp2.0) (< netstandard2.1)) (&& (== netcoreapp3.1) (< netcoreapp2.1) (< netstandard2.1)) (&& (== netcoreapp3.1) (>= uap10.1)) (== netstandard2.0)
      System.Security.Cryptography.Cng (>= 4.7) - restriction: || (&& (== net48) (< net46)) (&& (== net48) (>= netcoreapp2.0)) (&& (== net48) (>= netcoreapp2.1)) (&& (== net48) (>= netcoreapp3.0)) (&& (== net48) (>= netstandard2.1)) (== netcoreapp3.1) (== netstandard2.0)
    System.Security.Cryptography.Xml (4.7) - restriction: || (&& (== net48) (< net45)) (== netcoreapp3.1) (== netstandard2.0)
      System.Security.Cryptography.Pkcs (>= 4.7) - restriction: || (&& (== net48) (< net461)) (== netcoreapp3.1) (== netstandard2.0)
      System.Security.Permissions (>= 4.7)
    System.Security.Permissions (4.7) - restriction: || (&& (== net48) (< net45)) (== netcoreapp3.1) (== netstandard2.0)
      System.Security.AccessControl (>= 4.7)
      System.Windows.Extensions (>= 4.7) - restriction: || (&& (== net48) (>= netcoreapp3.0)) (== netcoreapp3.1) (&& (== netstandard2.0) (>= netcoreapp3.0))
    System.Security.Principal.Windows (4.7) - restriction: || (&& (== net48) (< net45)) (&& (== net48) (>= netcoreapp2.0)) (== netcoreapp3.1) (== netstandard2.0)
    System.ServiceModel.Duplex (4.7)
      System.Private.ServiceModel (>= 4.7) - restriction: || (&& (== net48) (< net45)) (== netcoreapp3.1) (== netstandard2.0)
      System.ServiceModel.Primitives (>= 4.7)
    System.ServiceModel.Http (4.7)
      System.Private.ServiceModel (>= 4.7) - restriction: || (&& (== net48) (< net45)) (== netcoreapp3.1) (== netstandard2.0)
      System.ServiceModel.Primitives (>= 4.7)
    System.ServiceModel.Primitives (4.7)
      System.Private.ServiceModel (>= 4.7) - restriction: || (&& (== net48) (< net45)) (&& (== net48) (>= netcoreapp2.1)) (== netcoreapp3.1) (== netstandard2.0)
    System.Windows.Extensions (4.7) - restriction: || (&& (== net48) (>= netcoreapp3.0)) (== netcoreapp3.1) (&& (== netstandard2.0) (>= netcoreapp3.0))
      System.Drawing.Common (>= 4.7) - restriction: || (&& (== net48) (>= netcoreapp3.0)) (== netcoreapp3.1) (&& (== netstandard2.0) (>= netcoreapp3.0))
GITHUB
  remote: fsprojects/FSharp.TypeProviders.SDK
    src/ProvidedTypes.fs (0584fd73e280f4765a667f455deaf247f12853fe)
    src/ProvidedTypes.fsi (0584fd73e280f4765a667f455deaf247f12853fe)
GROUP Test
RESTRICTION: || (== net48) (== netcoreapp3.1)
NUGET
  remote: https://api.nuget.org/v3/index.json
    FSharp.Core (5.0)
    Microsoft.CodeCoverage (16.7.1)
    Microsoft.DotNet.InternalAbstractions (1.0.0) - version_in_path: true, restriction: || (&& (== net48) (>= netcoreapp2.1)) (== netcoreapp3.1)
      System.AppContext (>= 4.1) - restriction: || (&& (== net48) (< net451)) (== netcoreapp3.1)
      System.Collections (>= 4.0.11) - restriction: || (&& (== net48) (< net451)) (== netcoreapp3.1)
      System.IO (>= 4.1) - restriction: || (&& (== net48) (< net451)) (== netcoreapp3.1)
      System.IO.FileSystem (>= 4.0.1) - restriction: || (&& (== net48) (< net451)) (== netcoreapp3.1)
      System.Reflection.TypeExtensions (>= 4.1) - restriction: || (&& (== net48) (< net451)) (== netcoreapp3.1)
      System.Runtime.Extensions (>= 4.1) - restriction: || (&& (== net48) (< net451)) (== netcoreapp3.1)
      System.Runtime.InteropServices (>= 4.1) - restriction: || (&& (== net48) (< net451)) (== netcoreapp3.1)
      System.Runtime.InteropServices.RuntimeInformation (>= 4.0) - restriction: || (&& (== net48) (< net451)) (== netcoreapp3.1)
    Microsoft.NET.Test.Sdk (16.7.1)
      Microsoft.CodeCoverage (>= 16.7.1)
      Microsoft.TestPlatform.TestHost (>= 16.7.1) - restriction: || (&& (== net48) (>= netcoreapp2.1)) (== netcoreapp3.1)
    Microsoft.NETCore.Platforms (3.1.3) - version_in_path: true, restriction: || (&& (== net48) (>= netcoreapp2.1)) (== netcoreapp3.1)
    Microsoft.NETCore.Targets (3.1.0) - version_in_path: true, restriction: || (&& (== net48) (>= netcoreapp2.1)) (== netcoreapp3.1)
    Microsoft.TestPlatform.ObjectModel (16.7.1) - restriction: || (&& (== net48) (>= netcoreapp2.1)) (== netcoreapp3.1)
      NuGet.Frameworks (>= 5.0)
    Microsoft.TestPlatform.TestHost (16.7.1) - restriction: || (&& (== net48) (>= netcoreapp2.1)) (== netcoreapp3.1)
      Microsoft.TestPlatform.ObjectModel (>= 16.7.1) - restriction: || (&& (== net48) (>= netcoreapp2.1)) (&& (== net48) (>= uap10.0)) (== netcoreapp3.1)
      Newtonsoft.Json (>= 9.0.1) - restriction: || (&& (== net48) (>= netcoreapp2.1)) (&& (== net48) (>= uap10.0)) (== netcoreapp3.1)
    Microsoft.Win32.Primitives (4.3.0) - version_in_path: true, restriction: || (&& (== net48) (>= netcoreapp2.1)) (== netcoreapp3.1)
      Microsoft.NETCore.Platforms (>= 1.1) - restriction: || (&& (== net48) (< net46)) (== netcoreapp3.1)
      Microsoft.NETCore.Targets (>= 1.1) - restriction: || (&& (== net48) (< net46)) (== netcoreapp3.1)
      System.Runtime (>= 4.3) - restriction: || (&& (== net48) (< net46)) (== netcoreapp3.1)
    Microsoft.Win32.Registry (4.7.0) - version_in_path: true, restriction: || (&& (== net48) (>= netcoreapp2.1)) (== netcoreapp3.1)
      System.Security.AccessControl (>= 4.7)
      System.Security.Principal.Windows (>= 4.7)
    NETStandard.Library (2.0.3) - restriction: || (&& (== net48) (< net35)) (== netcoreapp3.1)
      Microsoft.NETCore.Platforms (>= 1.1)
    Newtonsoft.Json (12.0.3) - restriction: || (&& (== net48) (>= netcoreapp2.1)) (== netcoreapp3.1)
    NuGet.Frameworks (5.7) - restriction: || (&& (== net48) (>= netcoreapp2.1)) (== netcoreapp3.1)
    NUnit (3.12)
      NETStandard.Library (>= 2.0) - restriction: || (&& (== net48) (< net35)) (== netcoreapp3.1)
    NUnit.Console (3.11.1)
      NUnit.ConsoleRunner (>= 3.11.1)
      NUnit.Extension.NUnitProjectLoader (>= 3.6)
      NUnit.Extension.NUnitV2Driver (>= 3.8)
      NUnit.Extension.NUnitV2ResultWriter (>= 3.6)
      NUnit.Extension.TeamCityEventListener (>= 1.0.7)
      NUnit.Extension.VSProjectLoader (>= 3.8)
    NUnit.ConsoleRunner (3.11.1)
    NUnit.Extension.NUnitProjectLoader (3.6)
    NUnit.Extension.NUnitV2Driver (3.8)
    NUnit.Extension.NUnitV2ResultWriter (3.6)
    NUnit.Extension.TeamCityEventListener (1.0.7)
    NUnit.Extension.VSProjectLoader (3.8)
    NUnit3TestAdapter (3.17.0) - version_in_path: true
      Microsoft.DotNet.InternalAbstractions (>= 1.0) - restriction: || (&& (== net48) (>= netcoreapp2.1)) (== netcoreapp3.1)
      System.ComponentModel.EventBasedAsync (>= 4.3) - restriction: || (&& (== net48) (>= netcoreapp2.1)) (== netcoreapp3.1)
      System.ComponentModel.TypeConverter (>= 4.3) - restriction: || (&& (== net48) (>= netcoreapp2.1)) (== netcoreapp3.1)
      System.Diagnostics.Process (>= 4.3) - restriction: || (&& (== net48) (>= netcoreapp2.1)) (== netcoreapp3.1)
      System.Reflection (>= 4.3) - restriction: || (&& (== net48) (>= netcoreapp2.1)) (== netcoreapp3.1)
      System.Runtime.InteropServices.RuntimeInformation (>= 4.3) - restriction: || (&& (== net48) (>= netcoreapp2.1)) (== netcoreapp3.1)
      System.Threading.Thread (>= 4.3) - restriction: || (&& (== net48) (>= netcoreapp2.1)) (== netcoreapp3.1)
      System.Xml.XmlDocument (>= 4.3) - restriction: || (&& (== net48) (>= netcoreapp2.1)) (== netcoreapp3.1)
      System.Xml.XPath.XmlDocument (>= 4.3) - restriction: || (&& (== net48) (>= netcoreapp2.1)) (== netcoreapp3.1)
    runtime.native.System (4.3.1) - version_in_path: true, restriction: || (&& (== net48) (>= netcoreapp2.1)) (== netcoreapp3.1)
      Microsoft.NETCore.Platforms (>= 1.1.1)
      Microsoft.NETCore.Targets (>= 1.1.3)
    System.AppContext (4.3.0) - version_in_path: true, restriction: || (&& (== net48) (>= netcoreapp2.1)) (== netcoreapp3.1)
      System.Runtime (>= 4.3) - restriction: || (&& (== net48) (< net46)) (== netcoreapp3.1)
    System.Collections (4.3.0) - version_in_path: true, restriction: || (&& (== net48) (>= netcoreapp2.1)) (== netcoreapp3.1)
      Microsoft.NETCore.Platforms (>= 1.1) - restriction: || (&& (== net48) (< net45)) (== netcoreapp3.1)
      Microsoft.NETCore.Targets (>= 1.1) - restriction: || (&& (== net48) (< net45)) (== netcoreapp3.1)
      System.Runtime (>= 4.3) - restriction: || (&& (== net48) (< net45)) (== netcoreapp3.1)
    System.Collections.NonGeneric (4.3.0) - version_in_path: true, restriction: || (&& (== net48) (>= netcoreapp2.1)) (== netcoreapp3.1)
      System.Diagnostics.Debug (>= 4.3) - restriction: || (&& (== net48) (< net46)) (== netcoreapp3.1)
      System.Globalization (>= 4.3) - restriction: || (&& (== net48) (< net46)) (== netcoreapp3.1)
      System.Resources.ResourceManager (>= 4.3) - restriction: || (&& (== net48) (< net46)) (== netcoreapp3.1)
      System.Runtime (>= 4.3) - restriction: || (&& (== net48) (< net46)) (== netcoreapp3.1)
      System.Runtime.Extensions (>= 4.3) - restriction: || (&& (== net48) (< net46)) (== netcoreapp3.1)
      System.Threading (>= 4.3) - restriction: || (&& (== net48) (< net46)) (== netcoreapp3.1)
    System.Collections.Specialized (4.3.0) - version_in_path: true, restriction: || (&& (== net48) (>= netcoreapp2.1)) (== netcoreapp3.1)
      System.Collections.NonGeneric (>= 4.3) - restriction: || (&& (== net48) (< net46)) (== netcoreapp3.1)
      System.Globalization (>= 4.3) - restriction: || (&& (== net48) (< net46)) (== netcoreapp3.1)
      System.Globalization.Extensions (>= 4.3) - restriction: || (&& (== net48) (< net46)) (== netcoreapp3.1)
      System.Resources.ResourceManager (>= 4.3) - restriction: || (&& (== net48) (< net46)) (== netcoreapp3.1)
      System.Runtime (>= 4.3) - restriction: || (&& (== net48) (< net46)) (== netcoreapp3.1)
      System.Runtime.Extensions (>= 4.3) - restriction: || (&& (== net48) (< net46)) (== netcoreapp3.1)
      System.Threading (>= 4.3) - restriction: || (&& (== net48) (< net46)) (== netcoreapp3.1)
    System.ComponentModel (4.3.0) - version_in_path: true, restriction: || (&& (== net48) (>= netcoreapp2.1)) (== netcoreapp3.1)
      System.Runtime (>= 4.3) - restriction: || (&& (== net48) (< net45)) (== netcoreapp3.1)
    System.ComponentModel.EventBasedAsync (4.3.0) - version_in_path: true, restriction: || (&& (== net48) (>= netcoreapp2.1)) (== netcoreapp3.1)
      System.Resources.ResourceManager (>= 4.3) - restriction: || (&& (== net48) (< net45)) (== netcoreapp3.1)
      System.Runtime (>= 4.3) - restriction: || (&& (== net48) (< net45)) (== netcoreapp3.1)
      System.Threading (>= 4.3) - restriction: || (&& (== net48) (< net45)) (== netcoreapp3.1)
      System.Threading.Tasks (>= 4.3) - restriction: || (&& (== net48) (< net45)) (== netcoreapp3.1)
    System.ComponentModel.Primitives (4.3.0) - version_in_path: true, restriction: || (&& (== net48) (>= netcoreapp2.1)) (== netcoreapp3.1)
      System.ComponentModel (>= 4.3) - restriction: || (&& (== net48) (< net45)) (== netcoreapp3.1)
      System.Resources.ResourceManager (>= 4.3) - restriction: || (&& (== net48) (< net45)) (== netcoreapp3.1)
      System.Runtime (>= 4.3) - restriction: || (&& (== net48) (< net45)) (== netcoreapp3.1)
    System.ComponentModel.TypeConverter (4.3.0) - version_in_path: true, restriction: || (&& (== net48) (>= netcoreapp2.1)) (== netcoreapp3.1)
      System.Collections (>= 4.3) - restriction: || (&& (== net48) (< net45)) (== netcoreapp3.1)
      System.Collections.NonGeneric (>= 4.3)
      System.Collections.Specialized (>= 4.3) - restriction: || (&& (== net48) (< net45)) (== netcoreapp3.1)
      System.ComponentModel (>= 4.3) - restriction: || (&& (== net48) (< net45)) (== netcoreapp3.1)
      System.ComponentModel.Primitives (>= 4.3)
      System.Globalization (>= 4.3) - restriction: || (&& (== net48) (< net45)) (== netcoreapp3.1)
      System.Linq (>= 4.3) - restriction: || (&& (== net48) (< net45)) (== netcoreapp3.1)
      System.Reflection (>= 4.3) - restriction: || (&& (== net48) (< net45)) (== netcoreapp3.1)
      System.Reflection.Extensions (>= 4.3) - restriction: || (&& (== net48) (< net45)) (== netcoreapp3.1)
      System.Reflection.Primitives (>= 4.3) - restriction: || (&& (== net48) (< net45)) (== netcoreapp3.1)
      System.Reflection.TypeExtensions (>= 4.3) - restriction: || (&& (== net48) (< net45)) (== netcoreapp3.1)
      System.Resources.ResourceManager (>= 4.3) - restriction: || (&& (== net48) (< net45)) (== netcoreapp3.1)
      System.Runtime (>= 4.3) - restriction: || (&& (== net48) (< net45)) (== netcoreapp3.1)
      System.Runtime.Extensions (>= 4.3) - restriction: || (&& (== net48) (< net45)) (== netcoreapp3.1)
      System.Threading (>= 4.3) - restriction: || (&& (== net48) (< net45)) (== netcoreapp3.1)
    System.Diagnostics.Debug (4.3.0) - version_in_path: true, restriction: || (&& (== net48) (>= netcoreapp2.1)) (== netcoreapp3.1)
      Microsoft.NETCore.Platforms (>= 1.1) - restriction: || (&& (== net48) (< net45)) (== netcoreapp3.1)
      Microsoft.NETCore.Targets (>= 1.1) - restriction: || (&& (== net48) (< net45)) (== netcoreapp3.1)
      System.Runtime (>= 4.3) - restriction: || (&& (== net48) (< net45)) (== netcoreapp3.1)
    System.Diagnostics.Process (4.3.0) - version_in_path: true, restriction: || (&& (== net48) (>= netcoreapp2.1)) (== netcoreapp3.1)
      Microsoft.NETCore.Platforms (>= 1.1) - restriction: || (&& (== net48) (< net46)) (== netcoreapp3.1)
      Microsoft.Win32.Primitives (>= 4.3) - restriction: || (&& (== net48) (< net46)) (== netcoreapp3.1)
      Microsoft.Win32.Registry (>= 4.3) - restriction: || (&& (== net48) (< net46)) (== netcoreapp3.1)
      runtime.native.System (>= 4.3) - restriction: || (&& (== net48) (< net46)) (== netcoreapp3.1)
      System.Collections (>= 4.3) - restriction: || (&& (== net48) (< net46)) (== netcoreapp3.1)
      System.Diagnostics.Debug (>= 4.3) - restriction: || (&& (== net48) (< net46)) (== netcoreapp3.1)
      System.Globalization (>= 4.3) - restriction: || (&& (== net48) (< net46)) (== netcoreapp3.1)
      System.IO (>= 4.3) - restriction: || (&& (== net48) (< net46)) (== netcoreapp3.1)
      System.IO.FileSystem (>= 4.3) - restriction: || (&& (== net48) (< net46)) (== netcoreapp3.1)
      System.IO.FileSystem.Primitives (>= 4.3) - restriction: || (&& (== net48) (< net46)) (== netcoreapp3.1)
      System.Resources.ResourceManager (>= 4.3) - restriction: || (&& (== net48) (< net46)) (== netcoreapp3.1)
      System.Runtime (>= 4.3) - restriction: || (&& (== net48) (< net46)) (== netcoreapp3.1)
      System.Runtime.Extensions (>= 4.3) - restriction: || (&& (== net48) (< net46)) (== netcoreapp3.1)
      System.Runtime.Handles (>= 4.3) - restriction: || (&& (== net48) (< net46)) (== netcoreapp3.1)
      System.Runtime.InteropServices (>= 4.3) - restriction: || (&& (== net48) (< net46)) (== netcoreapp3.1)
      System.Text.Encoding (>= 4.3) - restriction: || (&& (== net48) (< net46)) (== netcoreapp3.1)
      System.Text.Encoding.Extensions (>= 4.3) - restriction: || (&& (== net48) (< net46)) (== netcoreapp3.1)
      System.Threading (>= 4.3) - restriction: || (&& (== net48) (< net46)) (== netcoreapp3.1)
      System.Threading.Tasks (>= 4.3) - restriction: || (&& (== net48) (< net46)) (== netcoreapp3.1)
      System.Threading.Thread (>= 4.3) - restriction: || (&& (== net48) (< net46)) (== netcoreapp3.1)
      System.Threading.ThreadPool (>= 4.3) - restriction: || (&& (== net48) (< net46)) (== netcoreapp3.1)
    System.Globalization (4.3.0) - version_in_path: true, restriction: || (&& (== net48) (>= netcoreapp2.1)) (== netcoreapp3.1)
      Microsoft.NETCore.Platforms (>= 1.1) - restriction: || (&& (== net48) (< net45)) (== netcoreapp3.1)
      Microsoft.NETCore.Targets (>= 1.1) - restriction: || (&& (== net48) (< net45)) (== netcoreapp3.1)
      System.Runtime (>= 4.3) - restriction: || (&& (== net48) (< net45)) (== netcoreapp3.1)
    System.Globalization.Extensions (4.3.0) - version_in_path: true, restriction: || (&& (== net48) (>= netcoreapp2.1)) (== netcoreapp3.1)
      Microsoft.NETCore.Platforms (>= 1.1) - restriction: || (&& (== net48) (< net46)) (== netcoreapp3.1)
      System.Globalization (>= 4.3) - restriction: || (&& (== net48) (< net46)) (== netcoreapp3.1)
      System.Resources.ResourceManager (>= 4.3) - restriction: || (&& (== net48) (< net46)) (== netcoreapp3.1)
      System.Runtime (>= 4.3) - restriction: || (&& (== net48) (< net46)) (== netcoreapp3.1)
      System.Runtime.Extensions (>= 4.3) - restriction: || (&& (== net48) (< net46)) (== netcoreapp3.1)
      System.Runtime.InteropServices (>= 4.3) - restriction: || (&& (== net48) (< net46)) (== netcoreapp3.1)
    System.IO (4.3.0) - version_in_path: true, restriction: || (&& (== net48) (>= netcoreapp2.1)) (== netcoreapp3.1)
      Microsoft.NETCore.Platforms (>= 1.1) - restriction: || (&& (== net48) (< net45)) (== netcoreapp3.1)
      Microsoft.NETCore.Targets (>= 1.1) - restriction: || (&& (== net48) (< net45)) (== netcoreapp3.1)
      System.Runtime (>= 4.3) - restriction: || (&& (== net48) (< net45)) (== netcoreapp3.1)
      System.Text.Encoding (>= 4.3) - restriction: || (&& (== net48) (< net45)) (== netcoreapp3.1)
      System.Threading.Tasks (>= 4.3) - restriction: || (&& (== net48) (< net45)) (== netcoreapp3.1)
    System.IO.FileSystem (4.3.0) - version_in_path: true, restriction: || (&& (== net48) (>= netcoreapp2.1)) (== netcoreapp3.1)
      Microsoft.NETCore.Platforms (>= 1.1) - restriction: || (&& (== net48) (< net46)) (== netcoreapp3.1)
      Microsoft.NETCore.Targets (>= 1.1) - restriction: || (&& (== net48) (< net46)) (== netcoreapp3.1)
      System.IO (>= 4.3) - restriction: || (&& (== net48) (< net46)) (== netcoreapp3.1)
      System.IO.FileSystem.Primitives (>= 4.3)
      System.Runtime (>= 4.3) - restriction: || (&& (== net48) (< net46)) (== netcoreapp3.1)
      System.Runtime.Handles (>= 4.3) - restriction: || (&& (== net48) (< net46)) (== netcoreapp3.1)
      System.Text.Encoding (>= 4.3) - restriction: || (&& (== net48) (< net46)) (== netcoreapp3.1)
      System.Threading.Tasks (>= 4.3) - restriction: || (&& (== net48) (< net46)) (== netcoreapp3.1)
    System.IO.FileSystem.Primitives (4.3.0) - version_in_path: true, restriction: || (&& (== net48) (>= netcoreapp2.1)) (== netcoreapp3.1)
      System.Runtime (>= 4.3) - restriction: || (&& (== net48) (< net46)) (== netcoreapp3.1)
    System.Linq (4.3.0) - version_in_path: true, restriction: || (&& (== net48) (>= netcoreapp2.1)) (== netcoreapp3.1)
      System.Collections (>= 4.3) - restriction: || (&& (== net48) (< net45)) (== netcoreapp3.1)
      System.Diagnostics.Debug (>= 4.3) - restriction: || (&& (== net48) (< net45)) (== netcoreapp3.1)
      System.Resources.ResourceManager (>= 4.3) - restriction: || (&& (== net48) (< net45)) (== netcoreapp3.1)
      System.Runtime (>= 4.3) - restriction: || (&& (== net48) (< net45)) (== netcoreapp3.1)
      System.Runtime.Extensions (>= 4.3) - restriction: || (&& (== net48) (< net45)) (== netcoreapp3.1)
    System.Reflection (4.3.0) - version_in_path: true, restriction: || (&& (== net48) (>= netcoreapp2.1)) (== netcoreapp3.1)
      Microsoft.NETCore.Platforms (>= 1.1) - restriction: || (&& (== net48) (< net45)) (== netcoreapp3.1)
      Microsoft.NETCore.Targets (>= 1.1) - restriction: || (&& (== net48) (< net45)) (== netcoreapp3.1)
      System.IO (>= 4.3) - restriction: || (&& (== net48) (< net45)) (== netcoreapp3.1)
      System.Reflection.Primitives (>= 4.3) - restriction: || (&& (== net48) (< net45)) (== netcoreapp3.1)
      System.Runtime (>= 4.3) - restriction: || (&& (== net48) (< net45)) (== netcoreapp3.1)
    System.Reflection.Extensions (4.3.0) - version_in_path: true, restriction: || (&& (== net48) (>= netcoreapp2.1)) (== netcoreapp3.1)
      Microsoft.NETCore.Platforms (>= 1.1) - restriction: || (&& (== net48) (< net45)) (== netcoreapp3.1)
      Microsoft.NETCore.Targets (>= 1.1) - restriction: || (&& (== net48) (< net45)) (== netcoreapp3.1)
      System.Reflection (>= 4.3) - restriction: || (&& (== net48) (< net45)) (== netcoreapp3.1)
      System.Runtime (>= 4.3) - restriction: || (&& (== net48) (< net45)) (== netcoreapp3.1)
    System.Reflection.Primitives (4.3.0) - version_in_path: true, restriction: || (&& (== net48) (>= netcoreapp2.1)) (== netcoreapp3.1)
      Microsoft.NETCore.Platforms (>= 1.1) - restriction: || (&& (== net48) (< net45)) (== netcoreapp3.1)
      Microsoft.NETCore.Targets (>= 1.1) - restriction: || (&& (== net48) (< net45)) (== netcoreapp3.1)
      System.Runtime (>= 4.3) - restriction: || (&& (== net48) (< net45)) (== netcoreapp3.1)
    System.Reflection.TypeExtensions (4.7.0) - version_in_path: true, restriction: || (&& (== net48) (>= netcoreapp2.1)) (== netcoreapp3.1)
    System.Resources.ResourceManager (4.3.0) - version_in_path: true, restriction: || (&& (== net48) (>= netcoreapp2.1)) (== netcoreapp3.1)
      Microsoft.NETCore.Platforms (>= 1.1) - restriction: || (&& (== net48) (< net45)) (== netcoreapp3.1)
      Microsoft.NETCore.Targets (>= 1.1) - restriction: || (&& (== net48) (< net45)) (== netcoreapp3.1)
      System.Globalization (>= 4.3) - restriction: || (&& (== net48) (< net45)) (== netcoreapp3.1)
      System.Reflection (>= 4.3) - restriction: || (&& (== net48) (< net45)) (== netcoreapp3.1)
      System.Runtime (>= 4.3) - restriction: || (&& (== net48) (< net45)) (== netcoreapp3.1)
    System.Runtime (4.3.1) - version_in_path: true, restriction: || (&& (== net48) (>= netcoreapp2.1)) (== netcoreapp3.1)
      Microsoft.NETCore.Platforms (>= 1.1.1) - restriction: || (&& (== net48) (< net45)) (== netcoreapp3.1)
      Microsoft.NETCore.Targets (>= 1.1.3) - restriction: || (&& (== net48) (< net45)) (== netcoreapp3.1)
    System.Runtime.Extensions (4.3.1) - version_in_path: true, restriction: || (&& (== net48) (>= netcoreapp2.1)) (== netcoreapp3.1)
      Microsoft.NETCore.Platforms (>= 1.1.1) - restriction: || (&& (== net48) (< net45)) (== netcoreapp3.1)
      Microsoft.NETCore.Targets (>= 1.1.3) - restriction: || (&& (== net48) (< net45)) (== netcoreapp3.1)
      System.Runtime (>= 4.3.1) - restriction: || (&& (== net48) (< net45)) (== netcoreapp3.1)
    System.Runtime.Handles (4.3.0) - version_in_path: true, restriction: || (&& (== net48) (>= netcoreapp2.1)) (== netcoreapp3.1)
      Microsoft.NETCore.Platforms (>= 1.1) - restriction: || (&& (== net48) (< net46)) (== netcoreapp3.1)
      Microsoft.NETCore.Targets (>= 1.1) - restriction: || (&& (== net48) (< net46)) (== netcoreapp3.1)
      System.Runtime (>= 4.3) - restriction: || (&& (== net48) (< net46)) (== netcoreapp3.1)
    System.Runtime.InteropServices (4.3.0) - version_in_path: true, restriction: || (&& (== net48) (>= netcoreapp2.1)) (== netcoreapp3.1)
      Microsoft.NETCore.Platforms (>= 1.1) - restriction: || (&& (== net48) (< net45)) (&& (== net48) (>= netcoreapp1.1)) (== netcoreapp3.1)
      Microsoft.NETCore.Targets (>= 1.1) - restriction: || (&& (== net48) (< net45)) (&& (== net48) (>= netcoreapp1.1)) (== netcoreapp3.1)
      System.Reflection (>= 4.3) - restriction: || (&& (== net48) (< net45)) (&& (== net48) (>= netcoreapp1.1)) (== netcoreapp3.1)
      System.Reflection.Primitives (>= 4.3) - restriction: || (&& (== net48) (< net45)) (&& (== net48) (>= netcoreapp1.1)) (== netcoreapp3.1)
      System.Runtime (>= 4.3)
      System.Runtime.Handles (>= 4.3) - restriction: || (&& (== net48) (< net45)) (&& (== net48) (>= netcoreapp1.1)) (== netcoreapp3.1)
    System.Runtime.InteropServices.RuntimeInformation (4.3.0) - version_in_path: true, restriction: || (&& (== net48) (>= netcoreapp2.1)) (== netcoreapp3.1)
      runtime.native.System (>= 4.3) - restriction: || (&& (== net48) (< net45)) (== netcoreapp3.1)
      System.Reflection (>= 4.3) - restriction: || (&& (== net48) (< net45)) (== netcoreapp3.1)
      System.Reflection.Extensions (>= 4.3) - restriction: || (&& (== net48) (< net45)) (== netcoreapp3.1)
      System.Resources.ResourceManager (>= 4.3) - restriction: || (&& (== net48) (< net45)) (== netcoreapp3.1)
      System.Runtime (>= 4.3) - restriction: || (&& (== net48) (< net45)) (== netcoreapp3.1)
      System.Runtime.InteropServices (>= 4.3) - restriction: || (&& (== net48) (< net45)) (== netcoreapp3.1)
      System.Threading (>= 4.3) - restriction: || (&& (== net48) (< net45)) (== netcoreapp3.1)
    System.Security.AccessControl (4.7.0) - version_in_path: true, restriction: || (&& (== net48) (>= netcoreapp2.1)) (== netcoreapp3.1)
      Microsoft.NETCore.Platforms (>= 3.1) - restriction: || (&& (== net48) (>= netcoreapp2.0)) (== netcoreapp3.1)
      System.Security.Principal.Windows (>= 4.7)
    System.Security.Principal.Windows (4.7.0) - version_in_path: true, restriction: || (&& (== net48) (>= netcoreapp2.1)) (== netcoreapp3.1)
    System.Text.Encoding (4.3.0) - version_in_path: true, restriction: || (&& (== net48) (>= netcoreapp2.1)) (== netcoreapp3.1)
      Microsoft.NETCore.Platforms (>= 1.1) - restriction: || (&& (== net48) (< net45)) (== netcoreapp3.1)
      Microsoft.NETCore.Targets (>= 1.1) - restriction: || (&& (== net48) (< net45)) (== netcoreapp3.1)
      System.Runtime (>= 4.3) - restriction: || (&& (== net48) (< net45)) (== netcoreapp3.1)
    System.Text.Encoding.Extensions (4.3.0) - version_in_path: true, restriction: || (&& (== net48) (>= netcoreapp2.1)) (== netcoreapp3.1)
      Microsoft.NETCore.Platforms (>= 1.1) - restriction: || (&& (== net48) (< net45)) (== netcoreapp3.1)
      Microsoft.NETCore.Targets (>= 1.1) - restriction: || (&& (== net48) (< net45)) (== netcoreapp3.1)
      System.Runtime (>= 4.3) - restriction: || (&& (== net48) (< net45)) (== netcoreapp3.1)
      System.Text.Encoding (>= 4.3) - restriction: || (&& (== net48) (< net45)) (== netcoreapp3.1)
    System.Text.RegularExpressions (4.3.1) - version_in_path: true, restriction: || (&& (== net48) (>= netcoreapp2.1)) (== netcoreapp3.1)
      System.Runtime (>= 4.3.1) - restriction: || (&& (== net48) (< net45)) (&& (== net48) (>= netcoreapp1.1)) (== netcoreapp3.1)
    System.Threading (4.3.0) - version_in_path: true, restriction: || (&& (== net48) (>= netcoreapp2.1)) (== netcoreapp3.1)
      System.Runtime (>= 4.3) - restriction: || (&& (== net48) (< net45)) (== netcoreapp3.1)
      System.Threading.Tasks (>= 4.3) - restriction: || (&& (== net48) (< net45)) (== netcoreapp3.1)
    System.Threading.Tasks (4.3.0) - version_in_path: true, restriction: || (&& (== net48) (>= netcoreapp2.1)) (== netcoreapp3.1)
      Microsoft.NETCore.Platforms (>= 1.1) - restriction: || (&& (== net48) (< net45)) (== netcoreapp3.1)
      Microsoft.NETCore.Targets (>= 1.1) - restriction: || (&& (== net48) (< net45)) (== netcoreapp3.1)
      System.Runtime (>= 4.3) - restriction: || (&& (== net48) (< net45)) (== netcoreapp3.1)
    System.Threading.Tasks.Extensions (4.5.4) - version_in_path: true, restriction: || (&& (== net48) (>= netcoreapp2.1)) (== netcoreapp3.1)
    System.Threading.Thread (4.3.0) - version_in_path: true, restriction: || (&& (== net48) (>= netcoreapp2.1)) (== netcoreapp3.1)
      System.Runtime (>= 4.3) - restriction: || (&& (== net48) (< net46)) (== netcoreapp3.1)
    System.Threading.ThreadPool (4.3.0) - version_in_path: true, restriction: || (&& (== net48) (>= netcoreapp2.1)) (== netcoreapp3.1)
      System.Runtime (>= 4.3) - restriction: || (&& (== net48) (< net46)) (== netcoreapp3.1)
      System.Runtime.Handles (>= 4.3) - restriction: || (&& (== net48) (< net46)) (== netcoreapp3.1)
    System.Xml.ReaderWriter (4.3.1) - version_in_path: true, restriction: || (&& (== net48) (>= netcoreapp2.1)) (== netcoreapp3.1)
      System.Collections (>= 4.3) - restriction: || (&& (== net48) (< net45)) (== netcoreapp3.1)
      System.Diagnostics.Debug (>= 4.3) - restriction: || (&& (== net48) (< net45)) (== netcoreapp3.1)
      System.Globalization (>= 4.3) - restriction: || (&& (== net48) (< net45)) (== netcoreapp3.1)
      System.IO (>= 4.3) - restriction: || (&& (== net48) (< net45)) (== netcoreapp3.1)
      System.IO.FileSystem (>= 4.3) - restriction: || (&& (== net48) (< net45)) (== netcoreapp3.1)
      System.IO.FileSystem.Primitives (>= 4.3) - restriction: || (&& (== net48) (< net45)) (== netcoreapp3.1)
      System.Resources.ResourceManager (>= 4.3) - restriction: || (&& (== net48) (< net45)) (== netcoreapp3.1)
      System.Runtime (>= 4.3) - restriction: || (&& (== net48) (< net45)) (== netcoreapp3.1)
      System.Runtime.Extensions (>= 4.3) - restriction: || (&& (== net48) (< net45)) (== netcoreapp3.1)
      System.Runtime.InteropServices (>= 4.3) - restriction: || (&& (== net48) (< net45)) (== netcoreapp3.1)
      System.Text.Encoding (>= 4.3) - restriction: || (&& (== net48) (< net45)) (== netcoreapp3.1)
      System.Text.Encoding.Extensions (>= 4.3) - restriction: || (&& (== net48) (< net45)) (== netcoreapp3.1)
      System.Text.RegularExpressions (>= 4.3) - restriction: || (&& (== net48) (< net45)) (== netcoreapp3.1)
      System.Threading.Tasks (>= 4.3) - restriction: || (&& (== net48) (< net45)) (== netcoreapp3.1)
      System.Threading.Tasks.Extensions (>= 4.3) - restriction: || (&& (== net48) (< net45)) (== netcoreapp3.1)
    System.Xml.XmlDocument (4.3.0) - version_in_path: true, restriction: || (&& (== net48) (>= netcoreapp2.1)) (== netcoreapp3.1)
      System.Collections (>= 4.3) - restriction: || (&& (== net48) (< net46)) (== netcoreapp3.1)
      System.Diagnostics.Debug (>= 4.3) - restriction: || (&& (== net48) (< net46)) (== netcoreapp3.1)
      System.Globalization (>= 4.3) - restriction: || (&& (== net48) (< net46)) (== netcoreapp3.1)
      System.IO (>= 4.3) - restriction: || (&& (== net48) (< net46)) (== netcoreapp3.1)
      System.Resources.ResourceManager (>= 4.3) - restriction: || (&& (== net48) (< net46)) (== netcoreapp3.1)
      System.Runtime (>= 4.3) - restriction: || (&& (== net48) (< net46)) (== netcoreapp3.1)
      System.Runtime.Extensions (>= 4.3) - restriction: || (&& (== net48) (< net46)) (== netcoreapp3.1)
      System.Text.Encoding (>= 4.3) - restriction: || (&& (== net48) (< net46)) (== netcoreapp3.1)
      System.Threading (>= 4.3) - restriction: || (&& (== net48) (< net46)) (== netcoreapp3.1)
      System.Xml.ReaderWriter (>= 4.3) - restriction: || (&& (== net48) (< net46)) (== netcoreapp3.1)
    System.Xml.XPath (4.3.0) - version_in_path: true, restriction: || (&& (== net48) (>= netcoreapp2.1)) (== netcoreapp3.1)
      System.Collections (>= 4.3) - restriction: || (&& (== net48) (< net46)) (== netcoreapp3.1)
      System.Diagnostics.Debug (>= 4.3) - restriction: || (&& (== net48) (< net46)) (== netcoreapp3.1)
      System.Globalization (>= 4.3) - restriction: || (&& (== net48) (< net46)) (== netcoreapp3.1)
      System.IO (>= 4.3) - restriction: || (&& (== net48) (< net46)) (== netcoreapp3.1)
      System.Resources.ResourceManager (>= 4.3) - restriction: || (&& (== net48) (< net46)) (== netcoreapp3.1)
      System.Runtime (>= 4.3) - restriction: || (&& (== net48) (< net46)) (== netcoreapp3.1)
      System.Runtime.Extensions (>= 4.3) - restriction: || (&& (== net48) (< net46)) (== netcoreapp3.1)
      System.Threading (>= 4.3) - restriction: || (&& (== net48) (< net46)) (== netcoreapp3.1)
      System.Xml.ReaderWriter (>= 4.3) - restriction: || (&& (== net48) (< net46)) (== netcoreapp3.1)
    System.Xml.XPath.XmlDocument (4.3.0) - version_in_path: true, restriction: || (&& (== net48) (>= netcoreapp2.1)) (== netcoreapp3.1)
      System.Collections (>= 4.3) - restriction: || (&& (== net48) (< net46)) (== netcoreapp3.1)
      System.Globalization (>= 4.3) - restriction: || (&& (== net48) (< net46)) (== netcoreapp3.1)
      System.IO (>= 4.3) - restriction: || (&& (== net48) (< net46)) (== netcoreapp3.1)
      System.Resources.ResourceManager (>= 4.3) - restriction: || (&& (== net48) (< net46)) (== netcoreapp3.1)
      System.Runtime (>= 4.3) - restriction: || (&& (== net48) (< net46)) (== netcoreapp3.1)
      System.Runtime.Extensions (>= 4.3) - restriction: || (&& (== net48) (< net46)) (== netcoreapp3.1)
      System.Threading (>= 4.3) - restriction: || (&& (== net48) (< net46)) (== netcoreapp3.1)
      System.Xml.ReaderWriter (>= 4.3) - restriction: || (&& (== net48) (< net46)) (== netcoreapp3.1)
      System.Xml.XmlDocument (>= 4.3)
      System.Xml.XPath (>= 4.3)
